GEM
  remote: http://rubygems.org/
  specs:
    crack (0.1.8)
    haml (3.1.1)
    hashie (1.0.0)
    httparty (0.7.7)
      crack (= 0.1.8)

PLATFORMS
  ruby

DEPENDENCIES
  haml
  hashie
  httparty
